GEM
  remote: https://rubygems.org/
  specs:
    minitest (5.14.2)

PLATFORMS
  x86_64-linux

DEPENDENCIES
  minitest (~> 5.8, >= 5.8.4)

BUNDLED WITH
   2.2.1
